GIT
  remote: git://github.com/prawnpdf/prawn.git
  revision: 131082af5abb71d83de0e2005ecceaa829224904
  specs:
    prawn (1.0.0.rc1)
      pdf-reader (>= 0.9.0, < 2.0)
      ttfunk (~> 1.0.3)

GEM
  remote: http://rubygems.org/
  specs:
    Ascii85 (1.0.2)
    git (1.2.5)
    hashery (2.0.1)
    horo (1.0.2)
      rdoc (~> 2.5)
    jeweler (1.8.4)
      bundler (~> 1.0)
      git (>= 1.2.5)
      rake
      rdoc
    pdf-reader (1.2.0)
      Ascii85 (~> 1.0.0)
      hashery (~> 2.0)
      ruby-rc4
    rake (0.9.2.2)
    rcov (0.9.9)
    rdoc (2.5.11)
    ruby-rc4 (0.1.5)
    shoulda (2.11.3)
    ttfunk (1.0.3)

PLATFORMS
  ruby

DEPENDENCIES
  bundler
  horo
  jeweler
  prawn (= 1.0.0.rc1)!
  rcov
  shoulda
