GEM
  remote: http://rubygems.org/
  specs:
    git (1.2.5)
    horo (1.0.2)
      rdoc (~> 2.5)
    jeweler (1.5.1)
      bundler (~> 1.0.0)
      git (>= 1.2.5)
      rake
    prawn (0.8.4)
      prawn-core (>= 0.8.4, < 0.9)
      prawn-layout (>= 0.8.4, < 0.9)
      prawn-security (>= 0.8.4, < 0.9)
    prawn-core (0.8.4)
    prawn-layout (0.8.4)
    prawn-security (0.8.4)
    rake (0.8.7)
    rcov (0.9.9)
    rdoc (2.5.11)
    shoulda (2.11.3)

PLATFORMS
  ruby

DEPENDENCIES
  bundler (~> 1.0.0)
  horo
  jeweler (~> 1.5.1)
  prawn
  rcov
  shoulda
